GEM
  remote: https://rubygems.org/
  specs:
    appium_lib (9.9.0)
      appium_lib_core (~> 1.3.0)
      nokogiri (~> 1.6, >= 1.6.6)
      tomlrb (~> 1.1)
    appium_lib_core (1.3.0)
      json (>= 1.8)
      selenium-webdriver (~> 3.5)
    awesome_print (1.8.0)
    backports (3.11.1)
    builder (3.2.3)
    calabash-android (0.5.2)
      awesome_print
      cucumber
      escape (~> 0.0.4)
      httpclient (~> 2.3.2)
      json
      retriable (~> 1.3.3.1)
      rubyzip (~> 1.1)
      slowhandcuke
    childprocess (0.8.0)
      ffi (~> 1.0, >= 1.0.11)
    coderay (1.1.2)
    concurrent-ruby (1.0.5)
    cucumber (3.1.0)
      builder (>= 2.1.2)
      cucumber-core (~> 3.1.0)
      cucumber-expressions (~> 5.0.4)
      cucumber-wire (~> 0.0.1)
      diff-lcs (~> 1.3)
      gherkin (~> 5.0)
      multi_json (>= 1.7.5, < 2.0)
      multi_test (>= 0.1.2)
    cucumber-core (3.1.0)
      backports (>= 3.8.0)
      cucumber-tag_expressions (~> 1.1.0)
      gherkin (>= 5.0.0)
    cucumber-expressions (5.0.13)
    cucumber-tag_expressions (1.1.1)
    cucumber-wire (0.0.1)
    diff-lcs (1.3)
    escape (0.0.4)
    faker (1.8.7)
      i18n (>= 0.7)
    ffi (1.9.18-x64-mingw32)
    gherkin (5.0.0)
    httpclient (2.3.4.1)
    i18n (0.9.3)
      concurrent-ruby (~> 1.0)
    json (2.1.0)
    method_source (0.9.0)
    mini_portile2 (2.3.0)
    multi_json (1.13.1)
    multi_test (0.1.2)
    nokogiri (1.8.2-x64-mingw32)
      mini_portile2 (~> 2.3.0)
    pry (0.11.3)
      coderay (~> 1.1.0)
      method_source (~> 0.9.0)
    rake (12.3.0)
    retriable (1.3.3.1)
    rspec (3.7.0)
      rspec-core (~> 3.7.0)
      rspec-expectations (~> 3.7.0)
      rspec-mocks (~> 3.7.0)
    rspec-core (3.7.1)
      rspec-support (~> 3.7.0)
    rspec-expectations (3.7.0)
      diff-lcs (>= 1.2.0, < 2.0)
      rspec-support (~> 3.7.0)
    rspec-mocks (3.7.0)
      diff-lcs (>= 1.2.0, < 2.0)
      rspec-support (~> 3.7.0)
    rspec-support (3.7.1)
    rubyzip (1.2.1)
    selenium-webdriver (3.8.0)
      childprocess (~> 0.5)
      rubyzip (~> 1.0)
    slowhandcuke (0.0.3)
      cucumber
    tomlrb (1.2.6)

PLATFORMS
  x64-mingw32

DEPENDENCIES
  appium_lib
  calabash-android
  cucumber
  faker
  pry
  rake
  rspec
  selenium-webdriver

BUNDLED WITH
   1.16.1
